GEM
  remote: https://rubygems.org/
  specs:
    Ascii85 (1.1.0)
    afm (0.2.2)
    coderay (1.1.3)
    colorize (0.8.1)
    hashery (2.1.2)
    method_source (1.0.0)
    nokogiri (1.13.9-arm64-darwin)
      racc (~> 1.4)
    origami (2.1.0)
      colorize (~> 0.7)
    pdf-parser (0.2.0)
      nokogiri
      origami
    pdf-reader (2.11.0)
      Ascii85 (~> 1.0)
      afm (~> 0.2.1)
      hashery (~> 2.0)
      ruby-rc4
      ttfunk
    pry (0.14.1)
      coderay (~> 1.1)
      method_source (~> 1.0)
    racc (1.6.0)
    ruby-rc4 (0.1.5)
    ttfunk (1.7.0)

PLATFORMS
  arm64-darwin-21

DEPENDENCIES
  pdf-parser
  pdf-reader
  pry

BUNDLED WITH
   2.3.15
